GEM
  remote: https://rubygems.org/
  specs:
    rack (1.5.2)
    sinatra (1.1.0)
      rack (~> 1.1)
      tilt (~> 1.1)
    tilt (1.4.1)

PLATFORMS
  ruby

DEPENDENCIES
  sinatra (= 1.1.0)

RUBY VERSION
   ruby 2.3.0p0

BUNDLED WITH
   1.17.3
